GEM
  remote: https://rubygems.org/
  specs:
    cinch (2.0.12)
    librex (0.0.68)
    mini_portile (0.5.2)
    nokogiri (1.6.1)
      mini_portile (~> 0.5.0)
    redis (3.0.6)
    sanitize (2.1.0)
      nokogiri (>= 1.4.4)
    string-irc (0.3.1)

PLATFORMS
  ruby

DEPENDENCIES
  cinch
  librex
  redis
  sanitize
  string-irc
